GEM
  remote: https://rubygems.org/
  specs:
    capistrano (2.15.4)
      highline
      net-scp (>= 1.0.0)
      net-sftp (>= 2.0.0)
      net-ssh (>= 2.0.14)
      net-ssh-gateway (>= 1.1.0)
    daemons (1.1.9)
    diff-lcs (1.2.5)
    encryptor (1.3.0)
    facter (1.7.6)
    hiera (1.3.4)
      json_pure
    highline (1.7.8)
    json (1.8.3)
    json_pure (1.8.3)
    librarian-puppet (0.9.8)
      json
      thor (~> 0.15)
    metaclass (0.0.4)
    mocha (1.1.0)
      metaclass (~> 0.0.1)
    net-scp (1.2.1)
      net-ssh (>= 2.6.5)
    net-sftp (2.1.2)
      net-ssh (>= 2.6.5)
    net-ssh (2.9.2)
    net-ssh-gateway (1.2.0)
      net-ssh (>= 2.6.5)
    puppet (3.1.0)
      facter (~> 1.6)
      hiera (~> 1.0)
    puppet-decrypt (0.1.0)
      encryptor
    puppet-lint (0.3.2)
    puppetlabs_spec_helper (0.4.1)
      mocha (>= 0.10.5)
      rake
      rspec (>= 2.9.0)
      rspec-puppet (>= 0.1.1)
    puppetmodule-stdlib (4.0.2)
    rake (11.1.2)
    rspec (3.4.0)
      rspec-core (~> 3.4.0)
      rspec-expectations (~> 3.4.0)
      rspec-mocks (~> 3.4.0)
    rspec-core (3.4.4)
      rspec-support (~> 3.4.0)
    rspec-expectations (3.4.0)
      diff-lcs (>= 1.2.0, < 2.0)
      rspec-support (~> 3.4.0)
    rspec-mocks (3.4.1)
      diff-lcs (>= 1.2.0, < 2.0)
      rspec-support (~> 3.4.0)
    rspec-puppet (0.1.5)
      rspec
    rspec-support (3.4.1)
    thor (0.19.1)

PLATFORMS
  ruby

DEPENDENCIES
  capistrano (= 2.15.4)
  daemons (= 1.1.9)
  encryptor (= 1.3.0)
  librarian-puppet (= 0.9.8)
  net-ssh (= 2.9.2)
  puppet (= 3.1.0)
  puppet-decrypt (= 0.1.0)
  puppet-lint (= 0.3.2)
  puppetlabs_spec_helper (= 0.4.1)
  puppetmodule-stdlib (= 4.0.2)
  rspec-puppet (= 0.1.5)

BUNDLED WITH
   1.11.2
